GEM
  remote: https://rubygems.org/
  specs:
    byebug (10.0.2)
    ffi (1.9.25)
    flexmock (2.3.6)
    listen (3.1.5)
      rb-fsevent (~> 0.9, >= 0.9.4)
      rb-inotify (~> 0.9, >= 0.9.7)
      ruby_dep (~> 1.2)
    minitest (5.11.3)
    rainbow (3.0.0)
    rb-fsevent (0.10.3)
    rb-inotify (0.9.10)
      ffi (>= 0.5.0, < 2)
    rerun (0.13.0)
      listen (~> 3.0)
    ruby_dep (1.5.0)
    terminal-table (1.8.0)
      unicode-display_width (~> 1.1, >= 1.1.1)
    unicode-display_width (1.4.0)

PLATFORMS
  ruby

DEPENDENCIES
  byebug
  flexmock
  minitest (~> 5.11)
  rainbow
  rerun
  terminal-table

BUNDLED WITH
   1.16.4
